GEM
  remote: http://rubygems.org/
  specs:
    minitest (2.7.0)
    mynyml-redgreen (0.7.1)
      term-ansicolor (>= 1.0.4)
    rack (1.3.5)
    rack-flash (0.1.2)
      rack
    rack-protection (1.1.4)
      rack
    rdiscount (1.6.8)
    sinatra (1.3.1)
      rack (~> 1.3, >= 1.3.4)
      rack-protection (~> 1.1, >= 1.1.2)
      tilt (~> 1.3, >= 1.3.3)
    term-ansicolor (1.0.7)
    tilt (1.3.3)

PLATFORMS
  ruby

DEPENDENCIES
  minitest (= 2.7.0)
  mynyml-redgreen (= 0.7.1)
  rack-flash (= 0.1.2)
  rdiscount (= 1.6.8)
  sinatra (= 1.3.1)
