PATH
  remote: .
  specs:
    number_converter (0.0.1)
      rack-flash (= 0.1.2)
      sinatra (= 1.3.1)

GEM
  remote: http://rubygems.org/
  specs:
    growl_notify (0.0.3)
      rb-appscript
    guard (0.8.8)
      thor (~> 0.14.6)
    guard-minitest (0.4.0)
      guard (~> 0.4)
    minitest (2.7.0)
    mynyml-redgreen (0.7.1)
      term-ansicolor (>= 1.0.4)
    rack (1.3.5)
    rack-flash (0.1.2)
      rack
    rack-protection (1.1.4)
      rack
    rb-appscript (0.6.1)
    rb-fsevent (0.4.3.1)
    sinatra (1.3.1)
      rack (~> 1.3, >= 1.3.4)
      rack-protection (~> 1.1, >= 1.1.2)
      tilt (~> 1.3, >= 1.3.3)
    term-ansicolor (1.0.7)
    thor (0.14.6)
    tilt (1.3.3)

PLATFORMS
  ruby

DEPENDENCIES
  growl_notify (= 0.0.3)
  guard (= 0.8.8)
  guard-minitest (= 0.4.0)
  minitest (= 2.7.0)
  mynyml-redgreen (= 0.7.1)
  number_converter!
  rb-fsevent (= 0.4.3.1)
